PATH
  remote: .
  specs:
    andyw8-itunes-library (0.1.3)
      plist

GEM
  remote: https://rubygems.org/
  specs:
    plist (3.1.0)
    rake (0.9.2.2)

PLATFORMS
  ruby

DEPENDENCIES
  andyw8-itunes-library!
  rake

BUNDLED WITH
   2.4.6
