PATH
  remote: .
  specs:
    andyw8-itunes-library (0.1.4)
      plist (>= 3.7.0)

GEM
  remote: https://rubygems.org/
  specs:
    plist (3.7.0)
    power_assert (2.0.1)
    rake (13.0.6)
    test-unit (3.5.3)
      power_assert

PLATFORMS
  ruby

DEPENDENCIES
  andyw8-itunes-library!
  rake (>= 13.0.6)
  test-unit (>= 3.5.3)

BUNDLED WITH
   2.4.6
